PATH
  remote: ../../..
  specs:
    bugsnag-maze-runner (1.0.0)
      cucumber (~> 3.1.0)
      minitest (~> 5.0)
      rack (~> 2.0.0)
      test-unit (~> 3.2.0)

GEM
  remote: https://rubygems.org/
  specs:
    backports (3.11.1)
    bugsnag (6.6.3)
      concurrent-ruby (~> 1.0)
    builder (3.2.3)
    concurrent-ruby (1.0.5)
    cucumber (3.1.0)
      builder (>= 2.1.2)
      cucumber-core (~> 3.1.0)
      cucumber-expressions (~> 5.0.4)
      cucumber-wire (~> 0.0.1)
      diff-lcs (~> 1.3)
      gherkin (~> 5.0)
      multi_json (>= 1.7.5, < 2.0)
      multi_test (>= 0.1.2)
    cucumber-core (3.1.0)
      backports (>= 3.8.0)
      cucumber-tag_expressions (~> 1.1.0)
      gherkin (>= 5.0.0)
    cucumber-expressions (5.0.13)
    cucumber-tag_expressions (1.1.1)
    cucumber-wire (0.0.1)
    diff-lcs (1.3)
    gherkin (5.0.0)
    minitest (5.11.3)
    multi_json (1.13.1)
    multi_test (0.1.2)
    mustermann (1.0.1)
    power_assert (1.1.1)
    rack (2.0.3)
    rack-protection (2.0.0)
      rack
    sinatra (2.0.0)
      mustermann (~> 1.0)
      rack (~> 2.0)
      rack-protection (= 2.0.0)
      tilt (~> 2.0)
    test-unit (3.2.7)
      power_assert
    tilt (2.0.8)

PLATFORMS
  ruby

DEPENDENCIES
  bugsnag
  bugsnag-maze-runner!
  sinatra

BUNDLED WITH
   1.16.0
